GEM
  remote: http://rubygems.org/
  specs:
    rack (1.4.1)
    yomu (0.1.2)

PLATFORMS
  ruby

DEPENDENCIES
  rack
  yomu
