GEM
  remote: http://rubygems.org/
  specs:
    dotenv (0.8.0)
    foreman (0.63.0)
      dotenv (>= 0.7)
      thor (>= 0.13.6)
    httpclient (2.3.3)
    json (1.8.0)
    kgio (2.8.0)
    mime-types (1.23)
    mini_portile (0.5.0)
    nokogiri (1.6.0)
      mini_portile (~> 0.5.0)
    rack (1.5.2)
    rack-protection (1.5.0)
      rack
    raindrops (0.11.0)
    sinatra (1.4.3)
      rack (~> 1.4)
      rack-protection (~> 1.4)
      tilt (~> 1.3, >= 1.3.4)
    thor (0.18.1)
    tilt (1.4.1)
    unicorn (4.6.3)
      kgio (~> 2.6)
      rack
      raindrops (~> 0.7)
    yomu (0.1.6)
      mime-types (~> 1.23)

PLATFORMS
  ruby

DEPENDENCIES
  foreman
  httpclient
  json
  nokogiri
  rack
  sinatra
  unicorn
  yomu
