GEM
  remote: http://rubygems.org/
  specs:
    ffi (1.9.0)
    ffi-aspell (0.0.3)
      ffi (>= 1.0.11)
    foreman (0.60.2)
      thor (>= 0.13.6)
    httpclient (2.3.0.1)
    json (1.8.0)
    kgio (2.7.4)
    nokogiri (1.5.5)
    rack (1.4.1)
    rack-protection (1.2.0)
      rack
    raindrops (0.10.0)
    sinatra (1.3.3)
      rack (~> 1.3, >= 1.3.6)
      rack-protection (~> 1.2)
      tilt (~> 1.3, >= 1.3.3)
    thor (0.16.0)
    tilt (1.3.3)
    unicorn (4.4.0)
      kgio (~> 2.6)
      rack
      raindrops (~> 0.7)
    yomu (0.1.2)

PLATFORMS
  ruby

DEPENDENCIES
  ffi-aspell
  foreman
  httpclient
  json
  nokogiri
  rack
  sinatra
  unicorn
  yomu
